GEM
  remote: https://rubygems.org/
  specs:
    cinch (2.0.10)
    ri_cal (0.8.8)
    thread_safe (0.3.4)
    tzinfo (1.2.1)
      thread_safe (~> 0.1)

PLATFORMS
  ruby

DEPENDENCIES
  cinch
  ri_cal
  tzinfo
